PATH
  remote: .
  specs:
    ff2020 (0.1.0)
      nokogiri
      rake (>= 12.3.3)

GEM
  remote: https://rubygems.org/
  specs:
    mini_portile2 (2.4.0)
    nokogiri (1.10.10)
      mini_portile2 (~> 2.4.0)
    rake (13.0.1)

PLATFORMS
  ruby

DEPENDENCIES
  bundler (~> 2.0)
  ff2020!

BUNDLED WITH
   2.0.1
