PATH
  remote: .
  specs:
    ff2020 (0.1.0)
      rake (>= 12.3.3)

GEM
  remote: https://rubygems.org/
  specs:
    rake (13.0.1)

PLATFORMS
  ruby

DEPENDENCIES
  bundler (~> 2.0)
  ff2020!

BUNDLED WITH
   2.0.1
